GEM
  remote: http://rubygems.org/
  specs:
    addressable (2.2.8)
    bson (1.8.2)
    builder (3.1.4)
    cucumber (1.2.1)
      builder (>= 2.1.2)
      diff-lcs (>= 1.1.3)
      gherkin (~> 2.11.0)
      json (>= 1.4.6)
    daemons (1.1.9)
    diff-lcs (1.2.0)
    dm-core (1.2.0)
      addressable (~> 2.2.6)
    dm-validations (1.2.0)
      dm-core (~> 1.2.0)
    eventmachine (1.0.0)
    gherkin (2.11.6)
      json (>= 1.7.6)
    haml (3.1.7)
    hpricot (0.8.6)
    htmlentities (4.3.1)
    json (1.7.6)
    mongo (1.8.2)
      bson (~> 1.8.2)
    rack (1.4.1)
    sass (3.2.3)
    shotgun (0.9)
      rack (>= 1.0)
    sinatra (1.1.0)
      rack (~> 1.1)
      tilt (~> 1.1)
    thin (1.5.0)
      daemons (>= 1.0.9)
      eventmachine (>= 0.12.6)
      rack (>= 1.0.0)
    tilt (1.3.3)
    youtube-downloader (1.2)
      hpricot (>= 0.8.2)
      htmlentities

PLATFORMS
  ruby

DEPENDENCIES
  cucumber
  dm-core
  dm-validations
  haml
  mongo
  sass
  shotgun
  sinatra (= 1.1.0)
  thin
  youtube-downloader
