GEM
  remote: http://rubygems.org/
  specs:
    addressable (2.2.8)
    backports (2.7.1)
    bson (1.8.2)
    bson_ext (1.8.2)
      bson (~> 1.8.2)
    builder (3.1.4)
    coderay (1.0.8)
    cucumber (1.2.1)
      builder (>= 2.1.2)
      diff-lcs (>= 1.1.3)
      gherkin (~> 2.11.0)
      json (>= 1.4.6)
    daemons (1.1.9)
    diff-lcs (1.2.0)
    dm-core (1.2.0)
      addressable (~> 2.2.6)
    dm-validations (1.2.0)
      dm-core (~> 1.2.0)
    eventmachine (1.0.0)
    faraday (0.8.4)
      multipart-post (~> 1.1)
    faraday_middleware (0.9.0)
      faraday (>= 0.7.4, < 0.9)
    gh (0.9.1)
      addressable
      backports (~> 2.3)
      faraday (~> 0.8)
      multi_json (~> 1.0)
      net-http-persistent (>= 2.7)
      net-http-pipeline
    gherkin (2.11.6)
      json (>= 1.7.6)
    haml (3.1.7)
    highline (1.6.15)
    hpricot (0.8.6)
    htmlentities (4.3.1)
    json (1.7.6)
    launchy (2.1.0)
      addressable (~> 2.2.6)
    method_source (0.8.1)
    mongo (1.8.2)
      bson (~> 1.8.2)
    multi_json (1.5.0)
    multipart-post (1.1.5)
    net-http-persistent (2.8)
    net-http-pipeline (1.0.1)
    netrc (0.7.7)
    pry (0.9.11.4)
      coderay (~> 1.0.5)
      method_source (~> 0.8)
      slop (~> 3.4)
    rack (1.4.1)
    rake (10.0.2)
    sass (3.2.3)
    shotgun (0.9)
      rack (>= 1.0)
    sinatra (1.1.0)
      rack (~> 1.1)
      tilt (~> 1.1)
    slop (3.4.3)
    thin (1.5.0)
      daemons (>= 1.0.9)
      eventmachine (>= 0.12.6)
      rack (>= 1.0.0)
    tilt (1.3.3)
    travis (1.1.3)
      backports (~> 2.6)
      faraday (~> 0.8)
      faraday_middleware (~> 0.9)
      gh (~> 0.9)
      highline (~> 1.6)
      launchy (~> 2.1)
      net-http-persistent (~> 2.8)
      netrc (~> 0.7)
      pry (~> 0.9)
    youtube-downloader (1.2)
      hpricot (>= 0.8.2)
      htmlentities

PLATFORMS
  ruby

DEPENDENCIES
  bson_ext
  cucumber
  dm-core
  dm-validations
  haml
  mongo
  rake
  sass
  shotgun
  sinatra (= 1.1.0)
  thin
  travis
  youtube-downloader
