GEM
  remote: http://rubygems.org/
  specs:
    addressable (2.2.8)
    daemons (1.1.9)
    dm-core (1.2.0)
      addressable (~> 2.2.6)
    dm-validations (1.2.0)
      dm-core (~> 1.2.0)
    eventmachine (1.0.0)
    haml (3.1.7)
    hpricot (0.8.6)
    htmlentities (4.3.1)
    rack (1.4.1)
    sass (3.2.3)
    shotgun (0.9)
      rack (>= 1.0)
    sinatra (1.1.0)
      rack (~> 1.1)
      tilt (~> 1.1)
    thin (1.5.0)
      daemons (>= 1.0.9)
      eventmachine (>= 0.12.6)
      rack (>= 1.0.0)
    tilt (1.3.3)
    youtube-downloader (1.2)
      hpricot (>= 0.8.2)
      htmlentities

PLATFORMS
  ruby

DEPENDENCIES
  dm-core
  dm-validations
  haml
  sass
  shotgun
  sinatra (= 1.1.0)
  thin
  youtube-downloader
